NUGET
  remote: https://nuget.org/api/v2
  specs:
    Aether (7.0.0)
    Chiron (5.2.0)
      Aether (>= 7.0)
      FParsec (>= 1.0.2)
      FSharp.Core (>= 3.1.2.1)
    FParsec (1.0.2)
    FSharp.Core (3.1.2.5)
    FsPickler (1.4.0)
    NodaTime (1.3.1)
    Suave (0.31.2)
      FSharp.Core (>= 3.1.2.5)
      FsPickler (>= 1.2.5)

GROUP Build
NUGET
  remote: https://nuget.org/api/v2
  specs:
    FAKE (4.5.3)
    FSharp.Compiler.Service (0.0.90)
    FSharp.Formatting (2.11.0)
      FSharp.Compiler.Service (>= 0.0.90 <= 1.3)
      FSharpVSPowerTools.Core (1.9.0)
    FSharpVSPowerTools.Core (1.9.0)
      FSharp.Compiler.Service (>= 0.0.90)
    Microsoft.Bcl (1.1.10)
      Microsoft.Bcl.Build (>= 1.0.14)
    Microsoft.Bcl.Build (1.0.21) - import_targets: false
    Microsoft.Net.Http (2.2.29)
      Microsoft.Bcl (>= 1.1.10)
      Microsoft.Bcl.Build (>= 1.0.14)
    Octokit (0.16.0)
      Microsoft.Net.Http
    SourceLink.Fake (1.1.0)
GITHUB
  remote: fsharp/FAKE
  specs:
    modules/Octokit/Octokit.fsx (7543f29800c1245a04f96b5f1be063b0568fd5d6)
      Octokit

GROUP Test
NUGET
  remote: https://nuget.org/api/v2
  specs:
    NUnit (2.6.4)
    NUnit.Runners (2.6.4)
    Unquote (3.0.0)
